GEM
  specs:
    ruby-ole (1.2.12.2)
    spreadsheet (1.2.4)
      ruby-ole (>= 1.0)

PLATFORMS
  ruby

DEPENDENCIES
  spreadsheet (~> 1.2, >= 1.2.4)

BUNDLED WITH
   2.0.2
